GEM
  remote: https://rubygems.org/
  specs:
    actionmailer (4.0.4)
      actionpack (= 4.0.4)
      mail (~> 2.5.4)
    actionpack (4.0.4)
      activesupport (= 4.0.4)
      builder (~> 3.1.0)
      erubis (~> 2.7.0)
      rack (~> 1.5.2)
      rack-test (~> 0.6.2)
    activemodel (4.0.4)
      activesupport (= 4.0.4)
      builder (~> 3.1.0)
    activerecord (4.0.4)
      activemodel (= 4.0.4)
      activerecord-deprecated_finders (~> 1.0.2)
      activesupport (= 4.0.4)
      arel (~> 4.0.0)
    activerecord-deprecated_finders (1.0.3)
    activesupport (4.0.4)
      i18n (~> 0.6, >= 0.6.9)
      minitest (~> 4.2)
      multi_json (~> 1.3)
      thread_safe (~> 0.1)
      tzinfo (~> 0.3.37)
    addressable (2.3.6)
    arel (4.0.2)
    atomic (1.1.16)
    berkshelf (3.0.1)
      addressable (~> 2.3.4)
      berkshelf-api-client (~> 1.2)
      buff-config (~> 0.2)
      buff-extensions (~> 0.4)
      buff-shell_out (~> 0.1)
      celluloid (~> 0.16.0.pre)
      celluloid-io (~> 0.16.0.pre)
      faraday (~> 0.9.0)
      minitar (~> 0.5.4)
      octokit (~> 2.6)
      retryable (~> 1.3.3)
      ridley (~> 3.0)
      solve (~> 1.1)
      thor (~> 0.18)
    berkshelf-api-client (1.2.0)
      faraday (~> 0.9.0)
    buff-config (0.4.0)
      buff-extensions (~> 0.3)
      varia_model (~> 0.1)
    buff-extensions (0.5.0)
    buff-ignore (1.1.1)
    buff-ruby_engine (0.1.0)
    buff-shell_out (0.1.1)
      buff-ruby_engine (~> 0.1.0)
    builder (3.1.4)
    capistrano (3.2.0)
      i18n
      rake (>= 10.0.0)
      sshkit (~> 1.3)
    capistrano-bundler (1.1.2)
      capistrano (~> 3.0)
      sshkit (~> 1.2)
    capistrano-rails (1.1.1)
      capistrano (~> 3.1)
      capistrano-bundler (~> 1.1)
    capistrano-rbenv (2.0.2)
      capistrano (~> 3.1)
      sshkit (~> 1.3)
    celluloid (0.16.0.pre)
      timers (~> 2.0.0)
    celluloid-io (0.16.0.pre)
      celluloid (>= 0.16.0.pre)
      nio4r (>= 1.0.0)
    chef (11.12.2)
      chef-zero (~> 2.0, >= 2.0.2)
      diff-lcs (~> 1.2, >= 1.2.4)
      erubis (~> 2.7)
      highline (~> 1.6, >= 1.6.9)
      json (>= 1.4.4, <= 1.8.1)
      mime-types (~> 1.16)
      mixlib-authentication (~> 1.3)
      mixlib-cli (~> 1.4)
      mixlib-config (~> 2.0)
      mixlib-log (~> 1.3)
      mixlib-shellout (~> 1.4)
      net-ssh (~> 2.6)
      net-ssh-multi (~> 1.1)
      ohai (~> 7.0)
      pry (~> 0.9)
      rest-client (>= 1.0.4, < 1.7.0)
      yajl-ruby (~> 1.1)
    chef-zero (2.0.2)
      hashie (~> 2.0)
      json
      mixlib-log (~> 1.3)
      rack
    coderay (1.1.0)
    coffee-rails (4.0.1)
      coffee-script (>= 2.2.0)
      railties (>= 4.0.0, < 5.0)
    coffee-script (2.2.0)
      coffee-script-source
      execjs
    coffee-script-source (1.7.0)
    commonjs (0.2.7)
    delayed_job (4.0.0)
      activesupport (>= 3.0, < 4.1)
    delayed_job_active_record (4.0.0)
      activerecord (>= 3.0, < 4.1)
      delayed_job (>= 3.0, < 4.1)
    dep-selector-libgecode (1.0.0)
    dep_selector (1.0.2)
      dep-selector-libgecode (~> 1.0)
      ffi (~> 1.9)
    diff-lcs (1.2.5)
    enumerize (0.8.0)
      activesupport (>= 3.2)
    erubis (2.7.0)
    execjs (2.0.2)
    faraday (0.9.0)
      multipart-post (>= 1.2, < 3)
    ffi (1.9.3)
    foodcritic (3.0.3)
      erubis
      gherkin (~> 2.11.7)
      nokogiri (~> 1.5.4)
      rake
      treetop (~> 1.4.10)
      yajl-ruby (~> 1.1.0)
    gherkin (2.11.8)
      multi_json (~> 1.3)
    hashie (2.1.1)
    highline (1.6.21)
    hike (1.2.3)
    hitimes (1.2.1)
    i18n (0.6.9)
    ipaddress (0.8.0)
    jbuilder (1.5.3)
      activesupport (>= 3.0.0)
      multi_json (>= 1.2.0)
    jquery-rails (3.1.0)
      railties (>= 3.0, < 5.0)
      thor (>= 0.14, < 2.0)
    json (1.8.1)
    kgio (2.9.2)
    less (2.5.0)
      commonjs (~> 0.2.7)
    less-rails (2.5.0)
      actionpack (>= 3.1)
      less (~> 2.5.0)
    libv8 (3.16.14.3)
    mail (2.5.4)
      mime-types (~> 1.16)
      treetop (~> 1.4.8)
    method_source (0.8.2)
    mime-types (1.25.1)
    minitar (0.5.4)
    minitest (4.7.5)
    mixlib-authentication (1.3.0)
      mixlib-log
    mixlib-cli (1.4.0)
    mixlib-config (2.1.0)
    mixlib-log (1.6.0)
    mixlib-shellout (1.4.0)
    multi_json (1.9.2)
    multipart-post (2.0.0)
    net-http-persistent (2.9.4)
    net-scp (1.2.0)
      net-ssh (>= 2.6.5)
    net-ssh (2.8.0)
    net-ssh-gateway (1.2.0)
      net-ssh (>= 2.6.5)
    net-ssh-multi (1.2.0)
      net-ssh (>= 2.6.5)
      net-ssh-gateway (>= 1.2.0)
    nio4r (1.0.0)
    nokogiri (1.5.11)
    octokit (2.7.2)
      sawyer (~> 0.5.2)
    ohai (7.0.2)
      ipaddress
      mime-types (~> 1.16)
      mixlib-cli
      mixlib-config (~> 2.0)
      mixlib-log
      mixlib-shellout (~> 1.2)
      systemu (~> 2.5.2)
      yajl-ruby
    pg (0.17.1)
    polyglot (0.3.4)
    pry (0.9.12.6)
      coderay (~> 1.0)
      method_source (~> 0.8)
      slop (~> 3.4)
    rack (1.5.2)
    rack-test (0.6.2)
      rack (>= 1.0)
    rails (4.0.4)
      actionmailer (= 4.0.4)
      actionpack (= 4.0.4)
      activerecord (= 4.0.4)
      activesupport (= 4.0.4)
      bundler (>= 1.3.0, < 2.0)
      railties (= 4.0.4)
      sprockets-rails (~> 2.0.0)
    railties (4.0.4)
      actionpack (= 4.0.4)
      activesupport (= 4.0.4)
      rake (>= 0.8.7)
      thor (>= 0.18.1, < 2.0)
    raindrops (0.13.0)
    rake (10.2.0)
    rdoc (4.1.1)
      json (~> 1.4)
    ref (1.0.5)
    rest-client (1.6.7)
      mime-types (>= 1.16)
    retryable (1.3.5)
    ridley (3.0.0)
      addressable
      buff-config (~> 0.2)
      buff-extensions (~> 0.3)
      buff-ignore (~> 1.1)
      buff-shell_out (~> 0.1)
      celluloid (~> 0.16.0.pre)
      celluloid-io (~> 0.16.0.pre)
      erubis
      faraday (~> 0.9.0)
      hashie (>= 2.0.2)
      json (>= 1.7.7)
      mixlib-authentication (>= 1.3.0)
      net-http-persistent (>= 2.8)
      retryable
      semverse (~> 1.1)
      varia_model (~> 0.3)
    sass (3.2.18)
    sass-rails (4.0.2)
      railties (>= 4.0.0, < 5.0)
      sass (~> 3.2.0)
      sprockets (~> 2.8, <= 2.11.0)
      sprockets-rails (~> 2.0.0)
    sawyer (0.5.4)
      addressable (~> 2.3.5)
      faraday (~> 0.8, < 0.10)
    sdoc (0.4.0)
      json (~> 1.8)
      rdoc (~> 4.0, < 5.0)
    semverse (1.1.0)
    slop (3.5.0)
    solve (1.2.0)
      dep_selector (~> 1.0)
      semverse (~> 1.1)
    sprockets (2.11.0)
      hike (~> 1.2)
      multi_json (~> 1.0)
      rack (~> 1.0)
      tilt (~> 1.1, != 1.3.0)
    sprockets-rails (2.0.1)
      actionpack (>= 3.0)
      activesupport (>= 3.0)
      sprockets (~> 2.8)
    sqlite3 (1.3.9)
    sshkit (1.4.0)
      net-scp (>= 1.1.2)
      net-ssh (>= 2.8.0)
      term-ansicolor
    systemu (2.5.2)
    term-ansicolor (1.3.0)
      tins (~> 1.0)
    therubyracer (0.12.1)
      libv8 (~> 3.16.14.0)
      ref
    thor (0.19.1)
    thread_safe (0.3.1)
      atomic (>= 1.1.7, < 2)
    tilt (1.4.1)
    timers (2.0.0)
      hitimes
    tins (1.1.0)
    treetop (1.4.15)
      polyglot
      polyglot (>= 0.3.1)
    turbolinks (2.2.1)
      coffee-rails
    twitter-bootstrap-rails (2.2.8)
      actionpack (>= 3.1)
      execjs
      rails (>= 3.1)
      railties (>= 3.1)
    tzinfo (0.3.39)
    uglifier (2.5.0)
      execjs (>= 0.3.0)
      json (>= 1.8.0)
    unicorn (4.8.2)
      kgio (~> 2.6)
      rack
      raindrops (~> 0.7)
    varia_model (0.3.2)
      buff-extensions (~> 0.2)
      hashie (>= 2.0.2)
    yajl-ruby (1.1.0)

PLATFORMS
  ruby

DEPENDENCIES
  berkshelf (~> 3.0.1)
  capistrano (~> 3.2.0)
  capistrano-bundler (~> 1.1.2)
  capistrano-rails (~> 1.1)
  capistrano-rbenv (~> 2.0)
  chef (~> 11.12.2)
  coffee-rails (~> 4.0.0)
  delayed_job_active_record (~> 4.0.0)
  enumerize (~> 0.8.0)
  foodcritic (~> 3.0.3)
  jbuilder (~> 1.2)
  jquery-rails
  less-rails (~> 2.5.0)
  pg
  rails (= 4.0.4)
  sass-rails (~> 4.0.2)
  sdoc
  sqlite3
  therubyracer (~> 0.12.1)
  turbolinks
  twitter-bootstrap-rails (~> 2.2.8)
  uglifier (>= 1.3.0)
  unicorn
